GIT
  remote: git://github.com/tchandy/octopus.git
  revision: 9f8862e614e139b34ab47b431157568e971400ca
  specs:
    ar-octopus (0.4.0)
      activerecord (>= 2.3.0)

GEM
  remote: http://rubygems.org/
  specs:
    actionmailer (3.2.8)
      actionpack (= 3.2.8)
      mail (~> 2.4.4)
    actionpack (3.2.8)
      activemodel (= 3.2.8)
      activesupport (= 3.2.8)
      builder (~> 3.0.0)
      erubis (~> 2.7.0)
      journey (~> 1.0.4)
      rack (~> 1.4.0)
      rack-cache (~> 1.2)
      rack-test (~> 0.6.1)
      sprockets (~> 2.1.3)
    activemodel (3.2.8)
      activesupport (= 3.2.8)
      builder (~> 3.0.0)
    activerecord (3.2.8)
      activemodel (= 3.2.8)
      activesupport (= 3.2.8)
      arel (~> 3.0.2)
      tzinfo (~> 0.3.29)
    activerecord-import (0.2.10)
      activerecord (~> 3.0)
      activerecord (~> 3.0)
    activeresource (3.2.8)
      activemodel (= 3.2.8)
      activesupport (= 3.2.8)
    activesupport (3.2.8)
      i18n (~> 0.6)
      multi_json (~> 1.0)
    addressable (2.3.2)
    arel (3.0.2)
    aws-s3 (0.6.3)
      builder
      mime-types
      xml-simple
    builder (3.0.0)
    call_center (0.0.9)
      builder
      hsume2-state_machine (~> 1.0.5)
    cocaine (0.3.0)
    cocoon (1.0.22)
    columnize (0.3.6)
    cookiejar (0.3.0)
    daemons (1.0.10)
    database_cleaner (0.8.0)
    debugger (1.2.0)
      columnize (>= 0.3.1)
      debugger-linecache (~> 1.1.1)
      debugger-ruby_core_source (~> 1.1.3)
    debugger-linecache (1.1.2)
      debugger-ruby_core_source (>= 1.1.1)
    debugger-ruby_core_source (1.1.3)
    deep_cloneable (1.4.1)
      rails
    delayed_job (3.0.3)
      activesupport (~> 3.0)
    diff-lcs (1.1.3)
    dynamic_form (1.1.4)
    em-http-request (1.0.3)
      addressable (>= 2.2.3)
      cookiejar
      em-socksify
      eventmachine (>= 1.0.0.beta.4)
      http_parser.rb (>= 0.5.3)
    em-socksify (0.2.1)
      eventmachine (>= 1.0.0.beta.4)
    em-synchrony (1.0.2)
      eventmachine (>= 1.0.0.beta.1)
    erubis (2.7.0)
    eventmachine (1.0.0.rc.4)
    excon (0.16.2)
    factory_girl (1.3.3)
    foreman (0.57.0)
      thor (>= 0.13.6)
    formtastic (2.2.1)
      actionpack (>= 3.0)
    guard (1.3.2)
      listen (>= 0.4.2)
      thor (>= 0.14.6)
    guard-bundler (1.0.0)
      bundler (~> 1.0)
      guard (~> 1.1)
    guard-rails (0.1.1)
      guard (>= 0.2.2)
    guard-rspec (1.2.1)
      guard (>= 1.1)
    guard-spork (1.1.0)
      guard (>= 1.1)
      spork (>= 0.8.4)
    heroku (2.31.2)
      heroku-api (~> 0.3.4)
      launchy (>= 0.3.2)
      netrc (~> 0.7.7)
      rest-client (~> 1.6.1)
      rubyzip
    heroku-api (0.3.4)
      excon (~> 0.16.1)
    heroku_san (3.0.4)
      activesupport
      heroku (>= 2)
      heroku-api (>= 0.1.2)
      rake
    highline (1.6.14)
    hike (1.2.1)
    hirb (0.7.0)
    hiredis (0.4.5)
    hsume2-state_machine (1.0.5)
    http_parser.rb (0.5.3)
    httparty (0.8.3)
      multi_json (~> 1.0)
      multi_xml
    i18n (0.6.1)
    in_place_editing (1.1.2)
    journey (1.0.4)
    jquery-rails (2.1.1)
      railties (>= 3.1.0, < 5.0)
      thor (~> 0.14)
    json (1.6.7)
    json_pure (1.7.5)
    json_spec (1.0.3)
      multi_json (~> 1.0)
      rspec (~> 2.0)
    jwt (0.1.5)
      multi_json (>= 1.0)
    launchy (2.1.2)
      addressable (~> 2.3)
    listen (0.5.0)
    macaddr (1.6.1)
      systemu (~> 2.5.0)
    mail (2.4.4)
      i18n (>= 0.4.0)
      mime-types (~> 1.16)
      treetop (~> 1.4.8)
    mime-types (1.19)
    multi_json (1.3.6)
    multi_xml (0.5.1)
    mysql2 (0.3.11)
    nested_form (0.1.1)
    net-ssh (2.5.2)
    netrc (0.7.7)
    newrelic_rpm (3.4.2.1)
    nokogiri (1.4.7)
    paperclip (2.3.16)
      activerecord (>= 2.3.0)
      activesupport (>= 2.3.2)
      cocaine (>= 0.0.2)
      mime-types
    polyglot (0.3.3)
    pusher (0.9.4)
      multi_json (~> 1.0)
      signature (~> 0.1.2)
    rack (1.4.1)
    rack-cache (1.2)
      rack (>= 0.4)
    rack-protection (1.2.0)
      rack
    rack-ssl (1.3.2)
      rack
    rack-test (0.6.1)
      rack (>= 1.0)
    rails (3.2.8)
      actionmailer (= 3.2.8)
      actionpack (= 3.2.8)
      activerecord (= 3.2.8)
      activeresource (= 3.2.8)
      activesupport (= 3.2.8)
      bundler (~> 1.0)
      railties (= 3.2.8)
    railties (3.2.8)
      actionpack (= 3.2.8)
      activesupport (= 3.2.8)
      rack-ssl (~> 1.3.2)
      rake (>= 0.8.7)
      rdoc (~> 3.4)
      thor (>= 0.14.6, < 2.0)
    rake (0.9.2.2)
    rb-fsevent (0.9.1)
    rdoc (3.12)
      json (~> 1.4)
    recurly (2.1.5)
    redis (2.2.2)
    redis-namespace (1.0.3)
      redis (< 3.0.0)
    resque (1.19.0)
      multi_json (~> 1.0)
      redis-namespace (~> 1.0.2)
      sinatra (>= 0.9.2)
      vegas (~> 0.1.2)
    resque-lock (1.0.0)
    resque-loner (1.2.1)
      resque (~> 1.0)
    resque-scheduler (1.9.9)
      redis (>= 2.0.1)
      resque (>= 1.8.0)
      rufus-scheduler
    rest-client (1.6.7)
      mime-types (>= 1.16)
    rspec (2.6.0)
      rspec-core (~> 2.6.0)
      rspec-expectations (~> 2.6.0)
      rspec-mocks (~> 2.6.0)
    rspec-core (2.6.4)
    rspec-expectations (2.6.0)
      diff-lcs (~> 1.1.2)
    rspec-mocks (2.6.0)
    rspec-rails (2.6.1)
      actionpack (~> 3.0)
      activesupport (~> 3.0)
      railties (~> 3.0)
      rspec (~> 2.6.0)
    ruby-graphviz (0.9.0)
    rubyzip (0.9.9)
    rufus-scheduler (2.0.17)
      tzinfo (>= 0.3.23)
    settingslogic (2.0.8)
    shoulda (3.1.1)
      shoulda-context (~> 1.0)
      shoulda-matchers (~> 1.2)
    shoulda-context (1.0.0)
    shoulda-matchers (1.3.0)
      activesupport (>= 3.0.0)
    showoff-io (0.3.0)
      highline (>= 1.6.1)
      json_pure
      net-ssh (>= 2.1.0)
      rest-client
    signature (0.1.4)
    simplecov (0.6.4)
      multi_json (~> 1.0)
      simplecov-html (~> 0.5.3)
    simplecov-html (0.5.3)
    sinatra (1.3.3)
      rack (~> 1.3, >= 1.3.6)
      rack-protection (~> 1.2)
      tilt (~> 1.3, >= 1.3.3)
    spork (1.0.0rc3)
    spork-rails (3.2.0)
      rails (>= 3.0.0, < 3.3.0)
      spork (>= 1.0rc0)
    sprockets (2.1.3)
      hike (~> 1.2)
      rack (~> 1.0)
      tilt (~> 1.1, != 1.3.0)
    systemu (2.5.2)
    thin (1.3.1)
      daemons (>= 1.0.9)
      eventmachine (>= 0.12.6)
      rack (>= 1.0.0)
    thor (0.16.0)
    tilt (1.3.3)
    treetop (1.4.10)
      polyglot
      polyglot (>= 0.3.1)
    twilio (3.1.0)
      builder (>= 2.1.2)
      httparty (~> 0.8)
    twilio-ruby (3.5.1)
      builder (>= 2.1.2)
      jwt (>= 0.1.2)
      multi_json (>= 1.0.3)
    tzinfo (0.3.33)
    uakari (0.2.8)
      actionmailer (>= 3.0.0)
      httparty (> 0.6.0)
      httparty (> 0.6.0)
      json (> 1.4.0)
      json (>= 1.4.0)
    uuid (2.3.5)
      macaddr (~> 1.0)
    vegas (0.1.11)
      rack (>= 1.0.0)
    will_paginate (3.0.3)
    xml-simple (1.1.1)

PLATFORMS
  ruby

DEPENDENCIES
  activerecord-import (>= 0.2.0)
  ar-octopus!
  aws-s3 (~> 0.6.2)
  call_center (~> 0.0.9)
  cocoon (~> 1.0.22)
  daemons (~> 1.0.10)
  database_cleaner
  debugger
  deep_cloneable (~> 1.4.0)
  delayed_job
  dynamic_form (~> 1.1.4)
  em-http-request (~> 1.0.1)
  em-synchrony (~> 1.0.1)
  factory_girl (~> 1.3.3)
  foreman
  formtastic (~> 2.2.1)
  guard
  guard-bundler
  guard-rails
  guard-rspec
  guard-spork
  heroku (~> 2.17)
  heroku_san
  hirb
  hiredis (~> 0.4.5)
  in_place_editing (~> 1.1.1)
  jquery-rails (>= 1.0.12)
  json (~> 1.6.1)
  json_spec
  mysql2 (~> 0.3.0)
  nested_form (~> 0.1.1)
  newrelic_rpm
  nokogiri (~> 1.4.4)
  paperclip (= 2.3.16)
  pusher (~> 0.9.2)
  rails (~> 3.2.8)
  rb-fsevent
  recurly (~> 2.1.3)
  redis (~> 2.2.2)
  resque (~> 1.19.0)
  resque-lock (~> 1.0.0)
  resque-loner (~> 1.2.1)
  resque-scheduler (~> 1.9.9)
  rspec
  rspec-rails (~> 2.6.1)
  ruby-graphviz (= 0.9.0)
  settingslogic (~> 2.0.6)
  shoulda
  showoff-io
  simplecov
  spork-rails
  thin (~> 1.3.1)
  twilio (~> 3.1.0)
  twilio-ruby (~> 3.5.1)
  uakari (~> 0.2.0)
  uuid (~> 2.3.5)
  will_paginate (~> 3.0)
